PATH
  remote: concourse-docs
  specs:
    concourse-docs (0.0.0)
      anatomy (~> 0.2.1)

GEM
  remote: https://rubygems.org/
  specs:
    anatomy (0.2.1)
      atomy (~> 0.6.3)
      broomhlda (~> 0.2.0)
      json_pure (~> 1.8)
    atomy (0.6.8)
      kpeg (~> 1.0)
      rubinius-ast (~> 3.0)
      rubinius-compiler (~> 3.0)
    broomhlda (0.2.3)
      atomy (~> 0.6.3)
    json_pure (1.8.3)
    kpeg (1.0.0)
    rubinius-ast (3.0)
    rubinius-compiler (3.0)

PLATFORMS
  ruby

DEPENDENCIES
  anatomy (~> 0.2.1)
  concourse-docs!

BUNDLED WITH
   1.11.2
